GEM
  remote: http://rubygems.org/
  specs:
    emk-sinatra-url-for (0.2.1)
      sinatra (>= 0.9.1.1)
    haml (3.0.25)
    rack (1.2.1)
    sinatra (1.1.2)
      rack (~> 1.1)
      tilt (~> 1.2)
    sinatra-static-assets (0.5.0)
      emk-sinatra-url-for (>= 0.2.1)
      rack (>= 1.0.0)
      sinatra (>= 0.9.1)
    tilt (1.2.2)

PLATFORMS
  ruby

DEPENDENCIES
  haml
  rack
  sinatra (= 1.1.2)
  sinatra-static-assets
